GEM
  remote: http://rubygems.org/
  specs:
    libv8 (3.16.14.3)
    ref (1.0.5)
    therubyracer (0.12.1)
      libv8 (~> 3.16.14.0)
      ref

PLATFORMS
  ruby

DEPENDENCIES
  therubyracer (~> 0.12.1)
